GEM
  remote: https://rubygems.org/
  specs:
    RedCloth (4.2.9)
    activesupport (2.3.14)
    hoe (1.9.0)
      rake (>= 0.8.3)
      rubyforge (>= 1.0.3)
    json_pure (1.6.6)
    newgem (1.0.3)
      RedCloth (>= 4.0.0)
      activesupport (>= 2.0.2)
      hoe (>= 1.8.0)
      rubigen (>= 1.3.3)
      syntax (>= 1.0.0)
    rake (0.9.2.2)
    rubigen (1.5.8)
      activesupport (>= 2.3.5, < 3.2.0)
    rubyforge (2.0.4)
      json_pure (>= 1.1.7)
    syntax (1.0.0)

PLATFORMS
  ruby

DEPENDENCIES
  newgem (= 1.0.3)
